GEM
  remote: https://rubygems.org/
  remote: https://rubygems.org/
  specs:
    backports (3.3.5)
    coderay (1.0.9)
    method_source (0.8.2)
    mini_portile (0.5.1)
    minitest (5.0.8)
    multi_json (1.8.2)
    nokogiri (1.6.0)
      mini_portile (~> 0.5.0)
    pry (0.9.12.2)
      coderay (~> 1.0.5)
      method_source (~> 0.8)
      slop (~> 3.4)
    rack (1.5.2)
    rack-protection (1.5.1)
      rack
    rack-test (0.6.2)
      rack (>= 1.0)
    redcarpet (3.0.0)
    reverse_markdown (0.4.6)
      nokogiri
    sequel (4.3.0)
    sinatra (1.4.4)
      rack (~> 1.4)
      rack-protection (~> 1.4)
      tilt (~> 1.3, >= 1.3.4)
    sinatra-contrib (1.4.1)
      backports (>= 2.0)
      multi_json
      rack-protection
      rack-test
      sinatra (~> 1.4.0)
      tilt (~> 1.3)
    slop (3.4.6)
    sqlite3 (1.3.8)
    tilt (1.4.1)

PLATFORMS
  ruby

DEPENDENCIES
  minitest
  pry
  redcarpet
  reverse_markdown
  sequel
  sinatra
  sinatra-contrib
  sqlite3
